GEM
  remote: https://rubygems.org/
  specs:
    parslet (1.8.2)
    ruby-handlebars (0.4.0)
      parslet (~> 1.6, >= 1.6.2)

PLATFORMS
  ruby

DEPENDENCIES
  ruby-handlebars

BUNDLED WITH
   2.1.4
